GEM
  remote: https://rubygems.org/
  specs:
    colorize (0.8.1)
    concurrent-ruby (1.1.5)
    parallel (1.17.0)
    thor (0.20.3)

PLATFORMS
  ruby

DEPENDENCIES
  colorize
  concurrent-ruby
  parallel
  thor

RUBY VERSION
   ruby 2.6.3p62

BUNDLED WITH
   1.17.2
